GEM
  remote: https://rubygems.org/
  specs:
    rubyzip (3.2.0)

PLATFORMS
  arm64-darwin-24
  ruby

DEPENDENCIES
  rubyzip (~> 3.2)

BUNDLED WITH
   2.6.9
